GEM
  remote: https://rubygems.org/
  specs:
    byebug (11.1.3)
    concurrent-ruby (1.1.8)
    crypt-isaac (1.2.0)
    faker (2.16.0)
      i18n (>= 1.6, < 2)
    i18n (1.8.9)
      concurrent-ruby (~> 1.0)

PLATFORMS
  ruby

DEPENDENCIES
  byebug (~> 11.1.3)
  crypt-isaac (~> 1.2.0)
  faker (~> 2.16.0)

RUBY VERSION
   ruby 2.6.6p146

BUNDLED WITH
   1.17.3
