GEM
  remote: https://rubygems.org/
  specs:
    byebug (11.1.3)
    crypt-isaac (1.2.0)

PLATFORMS
  ruby

DEPENDENCIES
  byebug (~> 11.1.3)
  crypt-isaac (~> 1.2.0)

RUBY VERSION
   ruby 2.6.6p146

BUNDLED WITH
   1.17.3
