GEM
  remote: https://rubygems.org/
  specs:

PLATFORMS
  ruby

DEPENDENCIES

RUBY VERSION
   ruby 2.6.3p62

BUNDLED WITH
   1.17.2
